GEM
  remote: https://rubygems.org/
  specs:
    json (1.8.0)
    web-socket-ruby (0.1.0)

PLATFORMS
  ruby

DEPENDENCIES
  json
  web-socket-ruby
